PATH
  remote: .
  specs:
    livechat_client (0.0.1)
      faraday (~> 0.7.3)
      faraday_middleware (= 0.7.0)
      hashie (~> 1.0.0)
      multi_json (~> 1.0.0)
      multi_xml (~> 0.2.0)
      patron

GEM
  remote: http://rubygems.org/
  specs:
    addressable (2.3.5)
    coderay (1.0.9)
    crack (0.4.1)
      safe_yaml (~> 0.9.0)
    faraday (0.7.6)
      addressable (~> 2.2)
      multipart-post (~> 1.1)
      rack (~> 1.1)
    faraday_middleware (0.7.0)
      faraday (~> 0.7.3)
    hashie (1.0.0)
    method_source (0.8.2)
    mini_portile (0.5.1)
    minitest (5.0.6)
    multi_json (1.0.4)
    multi_xml (0.2.2)
    multipart-post (1.2.0)
    nokogiri (1.6.0)
      mini_portile (~> 0.5.0)
    patron (0.4.18)
    pry (0.9.12.2)
      coderay (~> 1.0.5)
      method_source (~> 0.8)
      slop (~> 3.4)
    rack (1.5.2)
    rake (0.9.6)
    safe_yaml (0.9.5)
    slop (3.4.6)
    webmock (1.13.0)
      addressable (>= 2.2.7)
      crack (>= 0.3.2)
    yajl-ruby (0.8.3)
    yard (0.8.7)

PLATFORMS
  ruby

DEPENDENCIES
  livechat_client!
  minitest
  nokogiri (~> 1.4)
  pry
  rake (~> 0.8)
  webmock (~> 1.6)
  yajl-ruby (~> 0.8.2)
  yard (~> 0.7)
