PATH
  remote: .
  specs:
    livechat_client (0.0.1)
      hashie (>= 1.2)
      multi_json

GEM
  remote: http://rubygems.org/
  specs:
    addressable (2.3.5)
    coderay (1.0.9)
    crack (0.4.1)
      safe_yaml (~> 0.9.0)
    diff-lcs (1.2.4)
    hashie (2.0.5)
    method_source (0.8.2)
    minitest (5.0.6)
    multi_json (1.7.9)
    pry (0.9.12.2)
      coderay (~> 1.0.5)
      method_source (~> 0.8)
      slop (~> 3.4)
    rake (10.1.0)
    rspec (2.14.1)
      rspec-core (~> 2.14.0)
      rspec-expectations (~> 2.14.0)
      rspec-mocks (~> 2.14.0)
    rspec-core (2.14.5)
    rspec-expectations (2.14.2)
      diff-lcs (>= 1.1.3, < 2.0)
    rspec-mocks (2.14.3)
    safe_yaml (0.9.5)
    slop (3.4.6)
    webmock (1.9.3)
      addressable (>= 2.2.7)
      crack (>= 0.3.2)
    yajl-ruby (1.1.0)
    yard (0.8.7)

PLATFORMS
  ruby

DEPENDENCIES
  livechat_client!
  minitest
  pry
  rake
  rspec
  webmock (~> 1.9.0)
  yajl-ruby
  yard
