PATH
  remote: .
  specs:
    livechat_client (0.1.1)
      hashie (>= 1.2)
      multi_json

GEM
  remote: http://rubygems.org/
  specs:
    addressable (2.3.5)
    coderay (1.1.3)
    crack (0.4.1)
      safe_yaml (~> 0.9.0)
    diff-lcs (1.2.4)
    hashie (5.0.0)
    method_source (1.0.0)
    multi_json (1.15.0)
    pry (0.14.2)
      coderay (~> 1.1)
      method_source (~> 1.0)
    rake (10.1.0)
    rspec (2.14.1)
      rspec-core (~> 2.14.0)
      rspec-expectations (~> 2.14.0)
      rspec-mocks (~> 2.14.0)
    rspec-core (2.14.5)
    rspec-expectations (2.14.2)
      diff-lcs (>= 1.1.3, < 2.0)
    rspec-mocks (2.14.3)
    safe_yaml (0.9.5)
    webmock (1.9.3)
      addressable (>= 2.2.7)
      crack (>= 0.3.2)

PLATFORMS
  ruby
  x86-mingw32

DEPENDENCIES
  livechat_client!
  pry
  rake
  rspec
  webmock (~> 1.9.0)

BUNDLED WITH
   2.2.33
