PATH
  remote: .
  specs:
    livechat_client (0.0.1)
      faraday (>= 0.8.0)
      faraday_middleware (= 0.8.7)
      hashie (>= 1.2)
      multi_json

GEM
  remote: http://rubygems.org/
  specs:
    addressable (2.3.5)
    coderay (1.0.9)
    crack (0.4.1)
      safe_yaml (~> 0.9.0)
    faraday (0.8.8)
      multipart-post (~> 1.2.0)
    faraday_middleware (0.8.7)
      faraday (>= 0.7.4, < 0.9)
    hashie (2.0.5)
    method_source (0.8.2)
    mini_portile (0.5.1)
    minitest (5.0.6)
    multi_json (1.7.9)
    multipart-post (1.2.0)
    nokogiri (1.6.0-x86-mingw32)
      mini_portile (~> 0.5.0)
    pry (0.9.12.2-x86-mingw32)
      coderay (~> 1.0.5)
      method_source (~> 0.8)
      slop (~> 3.4)
      win32console (~> 1.3)
    rake (10.1.0)
    safe_yaml (0.9.5)
    slop (3.4.6)
    webmock (1.9.3)
      addressable (>= 2.2.7)
      crack (>= 0.3.2)
    win32console (1.3.2-x86-mingw32)
    yajl-ruby (1.1.0-x86-mingw32)
    yard (0.8.7)

PLATFORMS
  x86-mingw32

DEPENDENCIES
  livechat_client!
  minitest
  nokogiri
  pry
  rake
  webmock (~> 1.9.0)
  yajl-ruby
  yard
